PATH
  remote: .
  specs:
    pequod (0.1.0)
      docker-api
      thor

GEM
  remote: https://rubygems.org/
  specs:
    docker-api (1.33.4)
      excon (>= 0.38.0)
      json
    excon (0.55.0)
    json (2.1.0)
    rake (10.5.0)
    thor (0.19.4)

PLATFORMS
  ruby

DEPENDENCIES
  bundler (~> 1.14)
  pequod!
  rake (~> 10.0)

BUNDLED WITH
   1.14.3
